GEM
  remote: https://rubygems.org/
  specs:
    cane (2.6.2)
      parallel
    coderay (1.1.0)
    method_source (0.8.2)
    minitest (5.3.5)
    parallel (1.0.0)
    pry (0.10.0)
      coderay (~> 1.1.0)
      method_source (~> 0.8.1)
      slop (~> 3.4)
    rainbow (2.0.0)
    rake (10.3.2)
    reek (1.3.7)
      rainbow
      ruby2ruby (~> 2.0.8)
      ruby_parser (~> 3.3)
      sexp_processor
    ruby2ruby (2.0.8)
      ruby_parser (~> 3.1)
      sexp_processor (~> 4.0)
    ruby_parser (3.6.1)
      sexp_processor (~> 4.1)
    sexp_processor (4.4.3)
    slop (3.5.0)

PLATFORMS
  ruby

DEPENDENCIES
  cane
  minitest
  pry
  rake
  reek
